PATH
  remote: .
  specs:
    mine-shipper (0.0.1)
      dotenv (~> 2.7)
      octokit (~> 4.0)

GEM
  remote: https://rubygems.org/
  specs:
    addressable (2.7.0)
      public_suffix (>= 2.0.2, < 5.0)
    dotenv (2.7.6)
    faraday (1.0.1)
      multipart-post (>= 1.2, < 3)
    multipart-post (2.1.1)
    octokit (4.18.0)
      faraday (>= 0.9)
      sawyer (~> 0.8.0, >= 0.5.3)
    power_assert (1.2.0)
    public_suffix (4.0.5)
    rake (13.0.1)
    rr (1.2.1)
    sawyer (0.8.2)
      addressable (>= 2.3.5)
      faraday (> 0.8, < 2.0)
    test-unit (3.3.6)
      power_assert
    test-unit-rr (1.0.5)
      rr (>= 1.1.1)
      test-unit (>= 2.5.2)

PLATFORMS
  ruby

DEPENDENCIES
  mine-shipper!
  rake (~> 13.0)
  test-unit (~> 3.3)
  test-unit-rr (~> 1.0)

BUNDLED WITH
   2.1.4
